GEM
  remote: https://rubygems.org/
  specs:

PLATFORMS
  ruby
  x86_64-darwin-19

DEPENDENCIES
